GIT
  remote: https://51edfc6cd1e2a0ec09e1b7d86405374b88bf215d:x-oauth-basic@github.com/Atalanta/magi.git
  revision: 52b85bba7daf62cafcf4168d797f60d2990bee8a
  specs:
    magi (0.0.1)
      aws-sdk-core (~> 2.0.rc6)
      thor

GEM
  remote: https://rubygems.org/
  specs:
    aws-sdk-core (2.0.0.rc8)
      builder (~> 3.0)
      jamespath
      multi_json (~> 1.0)
      multi_xml (~> 0.5)
    builder (3.2.2)
    jamespath (0.5.0)
    multi_json (1.10.0)
    multi_xml (0.5.5)
    rack (1.5.2)
    rack-protection (1.5.3)
      rack
    sinatra (1.4.5)
      rack (~> 1.4)
      rack-protection (~> 1.4)
      tilt (~> 1.3, >= 1.3.4)
    thor (0.19.1)
    tilt (1.4.1)

PLATFORMS
  ruby

DEPENDENCIES
  magi!
  sinatra
